GIT
  remote: git://github.com/rails-api/active_model_serializers.git
  revision: 942e10fdb8252d95974f1dcfc2645bf70ea54df0
  branch: 0-10-stable
  specs:
    active_model_serializers (0.10.9)
      actionpack (>= 4.1, < 6)
      activemodel (>= 4.1, < 6)
      case_transform (>= 0.2)
      jsonapi-renderer (>= 0.1.1.beta1, < 0.3)

GEM
  remote: https://rubygems.org/
  specs:
    actioncable (6.0.0.beta3)
      actionpack (= 6.0.0.beta3)
      nio4r (~> 2.0)
      websocket-driver (>= 0.6.1)
    actionmailbox (6.0.0.beta3)
      actionpack (= 6.0.0.beta3)
      activejob (= 6.0.0.beta3)
      activerecord (= 6.0.0.beta3)
      activestorage (= 6.0.0.beta3)
      activesupport (= 6.0.0.beta3)
      mail (>= 2.7.1)
    actionmailer (6.0.0.beta3)
      actionpack (= 6.0.0.beta3)
      actionview (= 6.0.0.beta3)
      activejob (= 6.0.0.beta3)
      mail (~> 2.5, >= 2.5.4)
      rails-dom-testing (~> 2.0)
    actionpack (6.0.0.beta3)
      actionview (= 6.0.0.beta3)
      activesupport (= 6.0.0.beta3)
      rack (~> 2.0)
      rack-test (>= 0.6.3)
      rails-dom-testing (~> 2.0)
      rails-html-sanitizer (~> 1.0, >= 1.0.2)
    actiontext (6.0.0.beta3)
      actionpack (= 6.0.0.beta3)
      activerecord (= 6.0.0.beta3)
      activestorage (= 6.0.0.beta3)
      activesupport (= 6.0.0.beta3)
      nokogiri (>= 1.8.5)
    actionview (6.0.0.beta3)
      activesupport (= 6.0.0.beta3)
      builder (~> 3.1)
      erubi (~> 1.4)
      rails-dom-testing (~> 2.0)
      rails-html-sanitizer (~> 1.0, >= 1.0.3)
    activejob (6.0.0.beta3)
      activesupport (= 6.0.0.beta3)
      globalid (>= 0.3.6)
    activemodel (6.0.0.beta3)
      activesupport (= 6.0.0.beta3)
    activerecord (6.0.0.beta3)
      activemodel (= 6.0.0.beta3)
      activesupport (= 6.0.0.beta3)
    activestorage (6.0.0.beta3)
      actionpack (= 6.0.0.beta3)
      activerecord (= 6.0.0.beta3)
      marcel (~> 0.3.1)
    activesupport (6.0.0.beta3)
      concurrent-ruby (~> 1.0, >= 1.0.2)
      i18n (>= 0.7, < 2)
      minitest (~> 5.1)
      tzinfo (~> 1.1)
      zeitwerk (~> 1.3, >= 1.3.1)
    ansi (1.5.0)
    ast (2.4.0)
    autoprefixer-rails (9.5.1)
      execjs
    bcrypt (3.1.12)
    bindex (0.7.0)
    bootstrap-sass (3.4.1)
      autoprefixer-rails (>= 5.2.1)
      sassc (>= 2.0.0)
    bootstrap3-datetimepicker-rails (4.17.37)
      momentjs-rails (>= 2.8.1)
    builder (3.2.3)
    byebug (11.0.1)
    case_transform (0.2)
      activesupport
    concurrent-ruby (1.1.5)
    crass (1.0.4)
    default_value_for (3.1.0)
      activerecord (>= 3.2.0, < 6.0)
    erubi (1.8.0)
    execjs (2.7.0)
    ffi (1.10.0)
    globalid (0.4.2)
      activesupport (>= 4.2.0)
    i18n (1.6.0)
      concurrent-ruby (~> 1.0)
    jaro_winkler (1.5.2)
    jbuilder (2.8.0)
      activesupport (>= 4.2.0)
      multi_json (>= 1.2)
    jquery-rails (4.3.3)
      rails-dom-testing (>= 1, < 3)
      railties (>= 4.2.0)
      thor (>= 0.14, < 2.0)
    jquery-ui-rails (6.0.1)
      railties (>= 3.2.16)
    json (1.8.6)
    jsonapi-renderer (0.2.0)
    listen (3.1.5)
      rb-fsevent (~> 0.9, >= 0.9.4)
      rb-inotify (~> 0.9, >= 0.9.7)
      ruby_dep (~> 1.2)
    loofah (2.2.3)
      crass (~> 1.0.2)
      nokogiri (>= 1.5.9)
    mail (2.7.1)
      mini_mime (>= 0.1.1)
    marcel (0.3.3)
      mimemagic (~> 0.3.2)
    method_source (0.9.2)
    mimemagic (0.3.3)
    mini_backtrace (0.1.3)
      minitest (> 1.2.0)
      rails (>= 2.3.3)
    mini_mime (1.0.1)
    mini_portile2 (2.4.0)
    minitest (5.11.3)
    minitest-reporters (1.3.6)
      ansi
      builder
      minitest (>= 5.0)
      ruby-progressbar
    momentjs-rails (2.20.1)
      railties (>= 3.1)
    multi_json (1.13.1)
    nio4r (2.3.1)
    nokogiri (1.10.2)
      mini_portile2 (~> 2.4.0)
    parallel (1.17.0)
    parser (2.6.2.1)
      ast (~> 2.4.0)
    pg (0.21.0)
    psych (3.1.0)
    puma (3.12.1)
    rack (2.0.7)
    rack-test (1.1.0)
      rack (>= 1.0, < 3)
    rack-timeout (0.5.1)
    rails (6.0.0.beta3)
      actioncable (= 6.0.0.beta3)
      actionmailbox (= 6.0.0.beta3)
      actionmailer (= 6.0.0.beta3)
      actionpack (= 6.0.0.beta3)
      actiontext (= 6.0.0.beta3)
      actionview (= 6.0.0.beta3)
      activejob (= 6.0.0.beta3)
      activemodel (= 6.0.0.beta3)
      activerecord (= 6.0.0.beta3)
      activestorage (= 6.0.0.beta3)
      activesupport (= 6.0.0.beta3)
      bundler (>= 1.3.0)
      railties (= 6.0.0.beta3)
      sprockets-rails (>= 2.0.0)
    rails-controller-testing (1.0.4)
      actionpack (>= 5.0.1.x)
      actionview (>= 5.0.1.x)
      activesupport (>= 5.0.1.x)
    rails-dom-testing (2.0.3)
      activesupport (>= 4.2.0)
      nokogiri (>= 1.6)
    rails-html-sanitizer (1.0.4)
      loofah (~> 2.2, >= 2.2.2)
    railties (6.0.0.beta3)
      actionpack (= 6.0.0.beta3)
      activesupport (= 6.0.0.beta3)
      method_source
      rake (>= 0.8.7)
      thor (>= 0.20.3, < 2.0)
    rainbow (3.0.0)
    rake (12.3.2)
    rb-fsevent (0.10.3)
    rb-inotify (0.10.0)
      ffi (~> 1.0)
    rdoc (4.3.0)
    rubocop (0.67.2)
      jaro_winkler (~> 1.5.1)
      parallel (~> 1.10)
      parser (>= 2.5, != 2.5.1.1)
      psych (>= 3.1.0)
      rainbow (>= 2.2.2, < 4.0)
      ruby-progressbar (~> 1.7)
      unicode-display_width (>= 1.4.0, < 1.6)
    ruby-progressbar (1.10.0)
    ruby_dep (1.5.0)
    sass (3.7.4)
      sass-listen (~> 4.0.0)
    sass-listen (4.0.0)
      rb-fsevent (~> 0.9, >= 0.9.4)
      rb-inotify (~> 0.9, >= 0.9.7)
    sass-rails (5.0.7)
      railties (>= 4.0.0, < 6)
      sass (~> 3.1)
      sprockets (>= 2.8, < 4.0)
      sprockets-rails (>= 2.0, < 4.0)
      tilt (>= 1.1, < 3)
    sassc (2.0.1)
      ffi (~> 1.9)
      rake
    sdoc (0.4.2)
      json (~> 1.7, >= 1.7.7)
      rdoc (~> 4.0)
    spring (2.0.2)
      activesupport (>= 4.2)
    sprockets (3.7.2)
      concurrent-ruby (~> 1.0)
      rack (> 1, < 3)
    sprockets-rails (3.2.1)
      actionpack (>= 4.0)
      activesupport (>= 4.0)
      sprockets (>= 3.0.0)
    thor (0.20.3)
    thread_safe (0.3.6)
    tilt (2.0.9)
    tzinfo (1.2.5)
      thread_safe (~> 0.1)
    uglifier (4.1.20)
      execjs (>= 0.3.0, < 3)
    unicode-display_width (1.5.0)
    web-console (3.7.0)
      actionview (>= 5.0)
      activemodel (>= 5.0)
      bindex (>= 0.4.0)
      railties (>= 5.0)
    websocket-driver (0.7.0)
      websocket-extensions (>= 0.1.0)
    websocket-extensions (0.1.3)
    zeitwerk (1.4.3)

PLATFORMS
  ruby

DEPENDENCIES
  active_model_serializers!
  bcrypt (~> 3.1.7)
  bootstrap-sass (~> 3.4.1)
  bootstrap3-datetimepicker-rails (= 4.17.37)
  byebug
  default_value_for (~> 3.1.0)
  jbuilder (~> 2.0)
  jquery-rails
  jquery-ui-rails
  listen
  mini_backtrace
  minitest-reporters
  momentjs-rails (>= 2.9.0)
  pg (~> 0.15)
  puma
  rack-timeout
  rails (~> 6.0.0.beta3)
  rails-controller-testing
  rake
  rubocop
  sass-rails (~> 5.0)
  sdoc (~> 0.4.0)
  spring
  uglifier (>= 1.3.0)
  web-console

RUBY VERSION
   ruby 2.6.2p47

BUNDLED WITH
   1.17.2
